GEM
  remote: https://rubygems.org/
  specs:
    bigdecimal (3.1.8)
    docker-api (2.3.0)
      excon (>= 0.64.0)
      multi_json
    excon (0.111.0)
    minitest (5.24.1)
    minitest-hooks (1.5.1)
      minitest (> 5.3)
    multi_json (1.15.0)
    pg (1.5.6)
    sequel (5.82.0)
      bigdecimal
    testcontainers-core (0.2.0)
      docker-api (~> 2.2)
    testcontainers-postgres (0.2.0)
      testcontainers-core (~> 0.1)

PLATFORMS
  arm64-darwin-22

DEPENDENCIES
  minitest
  minitest-hooks
  pg
  sequel
  testcontainers-postgres

BUNDLED WITH
   2.4.12
