GEM
  remote: https://rubygems.org/
  specs:
    bigdecimal (3.1.8)
    minitest (5.24.1)
    pg (1.5.6)
    sequel (5.82.0)
      bigdecimal

PLATFORMS
  arm64-darwin-22

DEPENDENCIES
  minitest
  pg
  sequel

BUNDLED WITH
   2.4.12
